GEM
  remote: https://rubygems.org/
  specs:
    coderay (1.1.0)
    method_source (0.8.2)
    parseconfig (1.0.6)
    pry (0.10.1)
      coderay (~> 1.1.0)
      method_source (~> 0.8.1)
      slop (~> 3.4)
    ruby-pcap (0.7.8)
    slop (3.6.0)

PLATFORMS
  ruby

DEPENDENCIES
  parseconfig
  pry
  ruby-pcap
